PATH
  remote: .
  specs:
    waiter (0.0.3)
      english
      gli (= 2.7.0)
      highline
      net-ssh

GEM
  remote: https://rubygems.org/
  specs:
    aruba (0.5.3)
      childprocess (>= 0.3.6)
      cucumber (>= 1.1.1)
      rspec-expectations (>= 2.7.0)
    builder (3.2.2)
    childprocess (0.3.9)
      ffi (~> 1.0, >= 1.0.11)
    cucumber (1.3.5)
      builder (>= 2.1.2)
      diff-lcs (>= 1.1.3)
      gherkin (~> 2.12.0)
      multi_json (~> 1.7.5)
      multi_test (>= 0.0.2)
    diff-lcs (1.2.4)
    english (0.6.3)
      language
    ffi (1.9.0-x86-mingw32)
    gherkin (2.12.0-x86-mingw32)
      multi_json (~> 1.3)
    gli (2.7.0)
    highline (1.6.19)
    json (1.8.0)
    language (0.6.0)
    multi_json (1.7.8)
    multi_test (0.0.2)
    net-ssh (2.6.8)
    rake (10.1.0)
    rdoc (4.0.1)
      json (~> 1.4)
    rspec-expectations (2.14.0)
      diff-lcs (>= 1.1.3, < 2.0)

PLATFORMS
  x86-mingw32

DEPENDENCIES
  aruba
  rake
  rdoc
  waiter!
